GEM
  remote: http://gems.ruby-china.org/
  specs:
    mustermann (1.0.0)
    puma (3.9.1)
    rack (2.0.3)
    rack-protection (2.0.0)
      rack
    sinatra (2.0.0)
      mustermann (~> 1.0)
      rack (~> 2.0)
      rack-protection (= 2.0.0)
      tilt (~> 2.0)
    tilt (2.0.8)

PLATFORMS
  ruby

DEPENDENCIES
  puma (= 3.9.1)
  sinatra (= 2.0.0)

BUNDLED WITH
   1.15.1
